GEM
  remote: https://rubygems.org/
  specs:
    bencode (0.8.2)
    coderay (1.1.0)
    eventmachine (1.0.7)
    method_source (0.8.2)
    pg (0.18.1)
    pry (0.10.1)
      coderay (~> 1.1.0)
      method_source (~> 0.8.1)
      slop (~> 3.4)
    redis (3.2.1)
    sequel (4.25.0)
    slop (3.6.0)

PLATFORMS
  ruby

DEPENDENCIES
  bencode
  eventmachine
  pg
  pry
  redis
  sequel
